GEM
  remote: https://rubygems.org/
  specs:
    chunky_png (1.3.1)
    oily_png (1.1.1)
      chunky_png (~> 1.3.0)
    thor (0.19.1)

PLATFORMS
  x64-mingw32

DEPENDENCIES
  oily_png
  thor
