PATH
  remote: .
  specs:
    pxlsrt (1.6.2)
      oily_png (~> 1.1.2)
      thor (~> 0.18)

GEM
  remote: https://rubygems.org/
  specs:
    chunky_png (1.3.3)
    oily_png (1.1.2)
      chunky_png (~> 1.3.1)
    rake (10.3.2)
    thor (0.19.1)

PLATFORMS
  ruby
  x64-mingw32

DEPENDENCIES
  bundler (~> 1.6)
  pxlsrt!
  rake (~> 10.2)
