GEM
  remote: https://rubygems.org/
  specs:
    chunky_png (1.3.1)

PLATFORMS
  x64-mingw32

DEPENDENCIES
  chunky_png
