PATH
  remote: .
  specs:
    pxlsrt (1.0.1)
      oily_png (= 1.1.1)
      thor (~> 0.18)

GEM
  remote: https://rubygems.org/
  specs:
    chunky_png (1.3.1)
    oily_png (1.1.1)
      chunky_png (~> 1.3.0)
    rake (10.3.2)
    thor (0.19.1)

PLATFORMS
  x64-mingw32

DEPENDENCIES
  bundler (~> 1.6)
  pxlsrt!
  rake (~> 10.2)
